GIT
  remote: git://github.com/muffinista/gopher2000.git
  revision: 224fda50cf1571767d8c4ef38ff7e4bbe01ef573
  specs:
    gopher2000 (0.5.1)
      artii (>= 2.0.1)
      eventmachine (>= 1.0.0)
      logging
      mimemagic

GEM
  remote: http://rubygems.org/
  specs:
    artii (2.0.4)
    curb (0.8.8)
    daemons (1.1.9)
    eventmachine (1.0.8)
    faraday (0.9.2)
      multipart-post (>= 1.2, < 3)
    faraday_middleware (0.10.0)
      faraday (>= 0.7.4, < 0.10)
    feedjira (2.0.0)
      faraday (~> 0.9)
      faraday_middleware (~> 0.9)
      loofah (~> 2.0)
      sax-machine (~> 1.0)
    filecache (1.0)
    little-plugger (1.1.3)
    logging (1.8.2)
      little-plugger (>= 1.1.3)
      multi_json (>= 1.8.4)
    loofah (2.0.3)
      nokogiri (>= 1.5.9)
    mediawiki-gateway (1.0.0)
      rest-client (~> 1.7)
    mime-types (2.4.3)
    mimemagic (0.2.1)
    mini_portile (0.6.0)
    multi_json (1.10.1)
    multipart-post (2.0.0)
    mysql2 (0.3.16)
    netrc (0.8.0)
    nokogiri (1.6.2.1)
      mini_portile (= 0.6.0)
    rest-client (1.7.2)
      mime-types (>= 1.16, < 3.0)
      netrc (~> 0.7)
    sanitize (2.1.0)
      nokogiri (>= 1.4.4)
    sax-machine (1.3.2)
    sequel (4.11.0)

PLATFORMS
  ruby

DEPENDENCIES
  curb (= 0.8.8)
  daemons
  feedjira
  filecache
  gopher2000!
  mediawiki-gateway (~> 1.0.0)
  mysql2
  nokogiri
  sanitize
  sequel

BUNDLED WITH
   1.10.6

