GIT
  remote: https://github.com/muffinista/gopher2000.git
  revision: b024a6367513ffc218698e09e75a982329fc4011
  specs:
    gopher2000 (0.5.3)
      artii (>= 2.0.1)
      eventmachine (~> 1.2.5)
      logging
      mimemagic

GEM
  remote: https://rubygems.org/
  specs:
    artii (2.1.2)
    crass (1.0.5)
    daemons (1.1.9)
    domain_name (0.5.20170404)
      unf (>= 0.0.5, < 1.0.0)
    eventmachine (1.2.7)
    faraday (0.9.2)
      multipart-post (>= 1.2, < 3)
    faraday-cookie_jar (0.0.6)
      faraday (>= 0.7.4)
      http-cookie (~> 1.0.0)
    faraday_middleware (0.10.0)
      faraday (>= 0.7.4, < 0.10)
    feedjira (2.0.0)
      faraday (~> 0.9)
      faraday_middleware (~> 0.9)
      loofah (~> 2.0)
      sax-machine (~> 1.0)
    filecache (1.0)
    http-cookie (1.0.3)
      domain_name (~> 0.5)
    little-plugger (1.1.4)
    logging (2.2.2)
      little-plugger (~> 1.1)
      multi_json (~> 1.10)
    loofah (2.3.1)
      crass (~> 1.0.2)
      nokogiri (>= 1.5.9)
    mediawiki_api (0.7.1)
      faraday (~> 0.9, >= 0.9.0)
      faraday-cookie_jar (~> 0.0, >= 0.0.6)
      faraday_middleware (~> 0.10, >= 0.10.0)
    mimemagic (0.3.3)
    mini_portile2 (2.4.0)
    multi_json (1.14.1)
    multipart-post (2.0.0)
    mysql2 (0.5.3)
    nokogiri (1.10.7)
      mini_portile2 (~> 2.4.0)
    nokogumbo (2.0.2)
      nokogiri (~> 1.8, >= 1.8.4)
    sanitize (5.0.0)
      crass (~> 1.0.2)
      nokogiri (>= 1.8.0)
      nokogumbo (~> 2.0)
    sax-machine (1.3.2)
    sequel (4.11.0)
    unf (0.1.4)
      unf_ext
    unf_ext (0.0.7.5)

PLATFORMS
  ruby

DEPENDENCIES
  daemons
  feedjira
  filecache
  gopher2000!
  mediawiki_api
  mysql2 (~> 0.5.3)
  nokogiri
  sanitize
  sequel

BUNDLED WITH
   1.17.3
