GEM
  remote: https://rubygems.org/
  specs:
    artii (2.1.2)
    crass (1.0.6)
    domain_name (0.5.20190701)
      unf (>= 0.0.5, < 1.0.0)
    eventmachine (1.2.7)
    faraday (0.17.3)
      multipart-post (>= 1.2, < 3)
    faraday-cookie_jar (0.0.6)
      faraday (>= 0.7.4)
      http-cookie (~> 1.0.0)
    faraday_middleware (0.14.0)
      faraday (>= 0.7.4, < 1.0)
    feedjira (3.1.0)
      loofah (>= 2.3.1)
      sax-machine (>= 1.0)
    filecache (1.0.2)
    gopher2000 (0.6.0)
      artii (>= 2.0.1)
      eventmachine (~> 1.2.5)
      logging
      mimemagic
    http-cookie (1.0.3)
      domain_name (~> 0.5)
    io-console (0.5.5)
    irb (1.2.1)
      reline (>= 0.0.1)
    little-plugger (1.1.4)
    logging (2.3.0)
      little-plugger (~> 1.1)
      multi_json (~> 1.14)
    loofah (2.4.0)
      crass (~> 1.0.2)
      nokogiri (>= 1.5.9)
    mediawiki_api (0.7.1)
      faraday (~> 0.9, >= 0.9.0)
      faraday-cookie_jar (~> 0.0, >= 0.0.6)
      faraday_middleware (~> 0.10, >= 0.10.0)
    mimemagic (0.4.3)
      nokogiri (~> 1)
      rake
    mini_portile2 (2.5.1)
    multi_json (1.15.0)
    multipart-post (2.1.1)
    mysql2 (0.5.3)
    nokogiri (1.11.4)
      mini_portile2 (~> 2.5.0)
      racc (~> 1.4)
    nokogumbo (2.0.2)
      nokogiri (~> 1.8, >= 1.8.4)
    racc (1.5.2)
    rake (13.0.3)
    reline (0.1.2)
      io-console (~> 0.5)
    sanitize (5.2.1)
      crass (~> 1.0.2)
      nokogiri (>= 1.8.0)
      nokogumbo (~> 2.0)
    sax-machine (1.3.2)
    sequel (5.28.0)
    unf (0.1.4)
      unf_ext
    unf_ext (0.0.7.6)

PLATFORMS
  ruby

DEPENDENCIES
  feedjira
  filecache
  gopher2000 (~> 0.6.0)
  irb
  mediawiki_api
  mysql2 (~> 0.5.3)
  nokogiri
  sanitize
  sequel

BUNDLED WITH
   1.17.3
