GIT
  remote: git://github.com/muffinista/gopher2000.git
  revision: 38c7581b8a297d40e1557187041ffa45286af61b
  specs:
    gopher2000 (0.5.1)
      artii (>= 2.0.1)
      eventmachine (= 1.0.3)
      logging
      mimemagic

GEM
  remote: http://rubygems.org/
  specs:
    activesupport (3.1.12)
      multi_json (~> 1.0)
    artii (2.1.0)
    builder (3.2.2)
    crass (0.2.1)
    curb (0.7.18)
    daemons (1.1.9)
    eventmachine (1.0.3)
    feedzirra (0.1.3)
      activesupport (~> 3.1.1)
      builder (>= 2.1.2)
      curb (~> 0.7.15)
      i18n (>= 0.5.0)
      loofah (~> 1.2.0)
      nokogiri (>= 1.4.4)
      rake (>= 0.8.7)
      rdoc (~> 3.8)
      sax-machine (~> 0.1.0)
    filecache (1.0)
    i18n (0.6.11)
    json (1.8.1)
    little-plugger (1.1.3)
    logging (1.8.2)
      little-plugger (>= 1.1.3)
      multi_json (>= 1.8.4)
    loofah (1.2.1)
      nokogiri (>= 1.4.4)
    mediawiki-gateway (1.0.0)
      rest-client (~> 1.7)
    mime-types (2.4.3)
    mimemagic (0.2.1)
    mini_portile (0.6.0)
    multi_json (1.10.1)
    mysql2 (0.3.17)
    netrc (0.10.0)
    nokogiri (1.6.3)
      mini_portile (= 0.6.0)
    nokogumbo (1.1.12)
      nokogiri
    rake (10.4.2)
    rdoc (3.12.2)
      json (~> 1.4)
    rest-client (1.7.2)
      mime-types (>= 1.16, < 3.0)
      netrc (~> 0.7)
    sanitize (3.0.3)
      crass (~> 0.2.0)
      nokogiri (>= 1.4.4)
      nokogumbo (= 1.1.12)
    sax-machine (0.1.0)
      nokogiri (> 0.0.0)
    sequel (4.17.0)

PLATFORMS
  ruby

DEPENDENCIES
  daemons
  feedzirra (~> 0.1.2)
  filecache
  gopher2000!
  mediawiki-gateway
  mysql2
  nokogiri (= 1.6.3)
  sanitize
  sequel
