GIT
  remote: https://github.com/muffinista/gopher2000
  revision: 0691dd0463892a6c3c745e384f5c2ef8522e0147
  branch: switch-to-nio4r
  specs:
    gopher2000 (0.7.0)
      artii (>= 2.0.1)
      logging
      mimemagic
      nio4r
      syslog

GEM
  remote: https://rubygems.org/
  specs:
    artii (2.1.2)
    bigdecimal (3.1.9)
    coderay (1.1.3)
    crass (1.0.6)
    diff-lcs (1.6.2)
    domain_name (0.6.20240107)
    faraday (2.13.1)
      faraday-net_http (>= 2.0, < 3.5)
      json
      logger
    faraday-cookie_jar (0.0.7)
      faraday (>= 0.8.0)
      http-cookie (~> 1.0.0)
    faraday-follow_redirects (0.3.0)
      faraday (>= 1, < 3)
    faraday-multipart (1.1.0)
      multipart-post (~> 2.0)
    faraday-net_http (3.4.0)
      net-http (>= 0.5.0)
    faraday-retry (2.3.1)
      faraday (~> 2.0)
    feedjira (3.2.5)
      loofah (>= 2.3.1, < 3)
      sax-machine (>= 1.0, < 2)
    filecache (1.0.3)
    http-cookie (1.0.8)
      domain_name (~> 0.5)
    json (2.12.0)
    little-plugger (1.1.4)
    logger (1.7.0)
    logging (2.4.0)
      little-plugger (~> 1.1)
      multi_json (~> 1.14)
    loofah (2.24.1)
      crass (~> 1.0.2)
      nokogiri (>= 1.12.0)
    mediawiki_api (0.9.0)
      faraday (>= 2.7.0)
      faraday-cookie_jar
      faraday-follow_redirects
      faraday-multipart
      faraday-retry
    method_source (1.1.0)
    mimemagic (0.4.3)
      nokogiri (~> 1)
      rake
    multi_json (1.15.0)
    multipart-post (2.4.1)
    net-http (0.6.0)
      uri
    nio4r (2.7.4)
    nokogiri (1.18.8-x86_64-linux-gnu)
      racc (~> 1.4)
    pry (0.15.2)
      coderay (~> 1.1)
      method_source (~> 1.0)
    racc (1.8.1)
    rake (13.2.1)
    rspec (3.13.0)
      rspec-core (~> 3.13.0)
      rspec-expectations (~> 3.13.0)
      rspec-mocks (~> 3.13.0)
    rspec-core (3.13.3)
      rspec-support (~> 3.13.0)
    rspec-expectations (3.13.4)
      diff-lcs (>= 1.2.0, < 2.0)
      rspec-support (~> 3.13.0)
    rspec-mocks (3.13.4)
      diff-lcs (>= 1.2.0, < 2.0)
      rspec-support (~> 3.13.0)
    rspec-support (3.13.3)
    sanitize (7.0.0)
      crass (~> 1.0.2)
      nokogiri (>= 1.16.8)
    sax-machine (1.3.2)
    sequel (5.90.0)
      bigdecimal
    syslog (0.3.0)
      logger
    trilogy (2.9.0)
    uri (1.0.3)

PLATFORMS
  x86_64-linux

DEPENDENCIES
  feedjira
  filecache
  gopher2000!
  mediawiki_api (~> 0.9.0)
  nokogiri (~> 1.18.8)
  pry
  rspec
  sanitize (~> 7.0.0)
  sequel (~> 5.90.0)
  trilogy

BUNDLED WITH
   2.6.3
