GIT
  remote: git://github.com/muffinista/gopher2000.git
  revision: 45ca3b7bc9931f70f533b9f240c7b4cad6103959
  specs:
    gopher2000 (0.4.0)
      artii (>= 2.0.1)
      eventmachine (= 1.0.0)
      logging

GEM
  remote: http://rubygems.org/
  specs:
    activesupport (3.1.10)
      multi_json (>= 1.0, < 1.3)
    artii (2.0.3)
    builder (3.1.4)
    curb (0.7.18)
    eventmachine (1.0.0)
    feedzirra (0.1.3)
      activesupport (~> 3.1.1)
      builder (>= 2.1.2)
      curb (~> 0.7.15)
      i18n (>= 0.5.0)
      loofah (~> 1.2.0)
      nokogiri (>= 1.4.4)
      rake (>= 0.8.7)
      rdoc (~> 3.8)
      sax-machine (~> 0.1.0)
    filecache (1.0)
    i18n (0.6.1)
    json (1.7.6)
    little-plugger (1.1.3)
    logging (1.7.2)
      little-plugger (>= 1.1.3)
    loofah (1.2.1)
      nokogiri (>= 1.4.4)
    mediawiki-gateway (0.5.1)
      activesupport
      rest-client (>= 1.3.0)
    mime-types (1.19)
    multi_json (1.2.0)
    mysql2 (0.3.11)
    nokogiri (1.5.6)
    rake (10.0.3)
    rdoc (3.12)
      json (~> 1.4)
    rest-client (1.6.7)
      mime-types (>= 1.16)
    sanitize (2.0.3)
      nokogiri (>= 1.4.4, < 1.6)
    sax-machine (0.1.0)
      nokogiri (> 0.0.0)
    sequel (3.43.0)

PLATFORMS
  ruby

DEPENDENCIES
  feedzirra (~> 0.1.2)
  filecache
  gopher2000!
  mediawiki-gateway
  mysql2
  nokogiri
  sanitize
  sequel
