GIT
  remote: https://github.com/muffinista/gopher2000
  revision: 203c4936c6277fb6c0817520d33c877e11a86aa4
  branch: main
  specs:
    gopher2000 (0.7.0)
      artii (>= 2.0.1)
      eventmachine (~> 1.2.5)
      logging
      mimemagic

GEM
  remote: https://rubygems.org/
  specs:
    artii (2.1.2)
    bigdecimal (3.1.9)
    crass (1.0.6)
    date (3.4.1)
    domain_name (0.6.20240107)
    eventmachine (1.2.7)
    faraday (2.12.2)
      faraday-net_http (>= 2.0, < 3.5)
      json
      logger
    faraday-cookie_jar (0.0.7)
      faraday (>= 0.8.0)
      http-cookie (~> 1.0.0)
    faraday-follow_redirects (0.3.0)
      faraday (>= 1, < 3)
    faraday-multipart (1.1.0)
      multipart-post (~> 2.0)
    faraday-net_http (3.4.0)
      net-http (>= 0.5.0)
    faraday-retry (2.2.1)
      faraday (~> 2.0)
    feedjira (3.2.4)
      loofah (>= 2.3.1, < 3)
      sax-machine (>= 1.0, < 2)
    filecache (1.0.3)
    http-cookie (1.0.8)
      domain_name (~> 0.5)
    io-console (0.8.0)
    irb (1.15.1)
      pp (>= 0.6.0)
      rdoc (>= 4.0.0)
      reline (>= 0.4.2)
    json (2.9.1)
    little-plugger (1.1.4)
    logger (1.6.5)
    logging (2.4.0)
      little-plugger (~> 1.1)
      multi_json (~> 1.14)
    loofah (2.24.0)
      crass (~> 1.0.2)
      nokogiri (>= 1.12.0)
    mediawiki_api (0.9.0)
      faraday (>= 2.7.0)
      faraday-cookie_jar
      faraday-follow_redirects
      faraday-multipart
      faraday-retry
    mimemagic (0.4.3)
      nokogiri (~> 1)
      rake
    mini_portile2 (2.8.8)
    multi_json (1.15.0)
    multipart-post (2.4.1)
    net-http (0.6.0)
      uri
    nokogiri (1.18.2)
      mini_portile2 (~> 2.8.2)
      racc (~> 1.4)
    pp (0.6.2)
      prettyprint
    prettyprint (0.2.0)
    psych (5.2.3)
      date
      stringio
    racc (1.8.1)
    rake (13.2.1)
    rdoc (6.12.0)
      psych (>= 4.0.0)
    reline (0.6.0)
      io-console (~> 0.5)
    sanitize (7.0.0)
      crass (~> 1.0.2)
      nokogiri (>= 1.16.8)
    sax-machine (1.3.2)
    sequel (5.89.0)
      bigdecimal
    stringio (3.1.2)
    syslog (0.2.0)
    trilogy (2.9.0)
    uri (1.0.2)

PLATFORMS
  ruby

DEPENDENCIES
  feedjira
  filecache
  gopher2000!
  irb
  mediawiki_api (~> 0.9.0)
  nokogiri (~> 1.18.2)
  sanitize (~> 7.0.0)
  sequel (~> 5.89.0)
  syslog
  trilogy

BUNDLED WITH
   2.6.3
