GIT
  remote: https://github.com/muffinista/gopher2000.git
  revision: 0b5333c368b307772a41b4bc77b208d5c3f9196b
  specs:
    gopher2000 (0.5.2)
      artii (>= 2.0.1)
      eventmachine (~> 1.2.5)
      logging
      mimemagic

GEM
  remote: http://rubygems.org/
  specs:
    artii (2.1.2)
    daemons (1.1.9)
    domain_name (0.5.20170404)
      unf (>= 0.0.5, < 1.0.0)
    eventmachine (1.2.5)
    faraday (0.9.2)
      multipart-post (>= 1.2, < 3)
    faraday-cookie_jar (0.0.6)
      faraday (>= 0.7.4)
      http-cookie (~> 1.0.0)
    faraday_middleware (0.10.0)
      faraday (>= 0.7.4, < 0.10)
    feedjira (2.0.0)
      faraday (~> 0.9)
      faraday_middleware (~> 0.9)
      loofah (~> 2.0)
      sax-machine (~> 1.0)
    filecache (1.0)
    http-cookie (1.0.3)
      domain_name (~> 0.5)
    little-plugger (1.1.4)
    logging (2.2.2)
      little-plugger (~> 1.1)
      multi_json (~> 1.10)
    loofah (2.0.3)
      nokogiri (>= 1.5.9)
    mediawiki_api (0.7.1)
      faraday (~> 0.9, >= 0.9.0)
      faraday-cookie_jar (~> 0.0, >= 0.0.6)
      faraday_middleware (~> 0.10, >= 0.10.0)
    mimemagic (0.3.2)
    mini_portile2 (2.3.0)
    multi_json (1.13.1)
    multipart-post (2.0.0)
    mysql2 (0.3.16)
    nokogiri (1.8.2)
      mini_portile2 (~> 2.3.0)
    sanitize (2.1.0)
      nokogiri (>= 1.4.4)
    sax-machine (1.3.2)
    sequel (4.11.0)
    unf (0.1.4)
      unf_ext
    unf_ext (0.0.7.5)

PLATFORMS
  ruby

DEPENDENCIES
  daemons
  feedjira
  filecache
  gopher2000!
  mediawiki_api
  mysql2
  nokogiri
  sanitize
  sequel

BUNDLED WITH
   1.16.1
