GIT
  remote: git://github.com/muffinista/gopher2000.git
  revision: 741ea7c2304099c4f1f1899da5a71fb2811a274e
  specs:
    gopher2000 (0.5.0)
      artii (>= 2.0.1)
      eventmachine (= 1.0.0)
      logging

GEM
  remote: http://rubygems.org/
  specs:
    activesupport (3.1.12)
      multi_json (~> 1.0)
    artii (2.0.3)
    builder (3.2.2)
    curb (0.7.18)
    daemons (1.1.9)
    eventmachine (1.0.0)
    feedzirra (0.1.3)
      activesupport (~> 3.1.1)
      builder (>= 2.1.2)
      curb (~> 0.7.15)
      i18n (>= 0.5.0)
      loofah (~> 1.2.0)
      nokogiri (>= 1.4.4)
      rake (>= 0.8.7)
      rdoc (~> 3.8)
      sax-machine (~> 0.1.0)
    filecache (1.0)
    i18n (0.6.4)
    json (1.8.0)
    little-plugger (1.1.3)
    logging (1.8.1)
      little-plugger (>= 1.1.3)
      multi_json (>= 1.3.6)
    loofah (1.2.1)
      nokogiri (>= 1.4.4)
    mediawiki-gateway (0.5.1)
      activesupport
      rest-client (>= 1.3.0)
    mime-types (1.23)
    multi_json (1.7.6)
    mysql2 (0.3.11)
    nokogiri (1.5.9)
    rake (10.0.4)
    rdoc (3.12.2)
      json (~> 1.4)
    rest-client (1.6.7)
      mime-types (>= 1.16)
    sanitize (2.0.3)
      nokogiri (>= 1.4.4, < 1.6)
    sax-machine (0.1.0)
      nokogiri (> 0.0.0)
    sequel (3.48.0)

PLATFORMS
  ruby

DEPENDENCIES
  daemons
  feedzirra (~> 0.1.2)
  filecache
  gopher2000!
  mediawiki-gateway
  mysql2
  nokogiri
  sanitize
  sequel
