PATH
  remote: /home/colin/Projects/gopher2000
  specs:
    gopher2000 (0.3.0)
      eventmachine
      logging

GEM
  remote: http://rubygems.org/
  specs:
    activesupport (3.2.3)
      i18n (~> 0.6)
      multi_json (~> 1.0)
    eventmachine (0.12.10)
    filecache (1.0)
    i18n (0.6.0)
    little-plugger (1.1.3)
    logging (1.7.2)
      little-plugger (>= 1.1.3)
    mediawiki-gateway (0.4.5)
      activesupport
      rest-client (>= 1.3.0)
    mime-types (1.18)
    multi_json (1.3.4)
    mysql2 (0.3.11)
    nokogiri (1.5.2)
    rest-client (1.6.7)
      mime-types (>= 1.16)
    sanitize (2.0.3)
      nokogiri (>= 1.4.4, < 1.6)
    sequel (3.35.0)

PLATFORMS
  ruby

DEPENDENCIES
  filecache
  gopher2000!
  mediawiki-gateway
  mysql2
  nokogiri
  sanitize
  sequel
