GIT
  remote: https://github.com/muffinista/gopher2000
  revision: 203c4936c6277fb6c0817520d33c877e11a86aa4
  branch: main
  specs:
    gopher2000 (0.7.0)
      artii (>= 2.0.1)
      eventmachine (~> 1.2.5)
      logging
      mimemagic

GEM
  remote: https://rubygems.org/
  specs:
    artii (2.1.2)
    crass (1.0.6)
    domain_name (0.6.20240107)
    eventmachine (1.2.7)
    faraday (1.10.3)
      faraday-em_http (~> 1.0)
      faraday-em_synchrony (~> 1.0)
      faraday-excon (~> 1.1)
      faraday-httpclient (~> 1.0)
      faraday-multipart (~> 1.0)
      faraday-net_http (~> 1.0)
      faraday-net_http_persistent (~> 1.0)
      faraday-patron (~> 1.0)
      faraday-rack (~> 1.0)
      faraday-retry (~> 1.0)
      ruby2_keywords (>= 0.0.4)
    faraday-cookie_jar (0.0.7)
      faraday (>= 0.8.0)
      http-cookie (~> 1.0.0)
    faraday-em_http (1.0.0)
    faraday-em_synchrony (1.0.0)
    faraday-excon (1.1.0)
    faraday-httpclient (1.0.1)
    faraday-multipart (1.0.4)
      multipart-post (~> 2)
    faraday-net_http (1.0.1)
    faraday-net_http_persistent (1.2.0)
    faraday-patron (1.0.0)
    faraday-rack (1.0.0)
    faraday-retry (1.0.3)
    faraday_middleware (1.2.0)
      faraday (~> 1.0)
    feedjira (3.2.1)
      loofah (>= 2.3.1)
      sax-machine (>= 1.0)
    filecache (1.0.2)
    http-cookie (1.0.5)
      domain_name (~> 0.5)
    io-console (0.5.11)
    irb (1.4.1)
      reline (>= 0.3.0)
    little-plugger (1.1.4)
    logging (2.3.1)
      little-plugger (~> 1.1)
      multi_json (~> 1.14)
    loofah (2.19.1)
      crass (~> 1.0.2)
      nokogiri (>= 1.5.9)
    mediawiki_api (0.8.1)
      faraday (~> 1)
      faraday-cookie_jar
      faraday_middleware
    mimemagic (0.4.3)
      nokogiri (~> 1)
      rake
    mini_portile2 (2.8.5)
    multi_json (1.15.0)
    multipart-post (2.3.0)
    mysql2 (0.5.5)
    nokogiri (1.16.2)
      mini_portile2 (~> 2.8.2)
      racc (~> 1.4)
    racc (1.7.3)
    rake (13.1.0)
    reline (0.3.1)
      io-console (~> 0.5)
    ruby2_keywords (0.0.5)
    sanitize (6.0.2)
      crass (~> 1.0.2)
      nokogiri (>= 1.12.0)
    sax-machine (1.3.2)
    sequel (5.52.0)

PLATFORMS
  ruby

DEPENDENCIES
  feedjira
  filecache
  gopher2000!
  irb
  mediawiki_api
  mysql2 (~> 0.5.5)
  nokogiri
  sanitize
  sequel

BUNDLED WITH
   2.5.6
