GIT
  remote: git://github.com/muffinista/gopher2000.git
  revision: 224fda50cf1571767d8c4ef38ff7e4bbe01ef573
  specs:
    gopher2000 (0.5.1)
      artii (>= 2.0.1)
      eventmachine (>= 1.0.0)
      logging
      mimemagic

GEM
  remote: http://rubygems.org/
  specs:
    activesupport (3.1.12)
      multi_json (~> 1.0)
    artii (2.0.4)
    builder (3.2.2)
    curb (0.7.18)
    daemons (1.1.9)
    eventmachine (1.0.3)
    feedzirra (0.1.3)
      activesupport (~> 3.1.1)
      builder (>= 2.1.2)
      curb (~> 0.7.15)
      i18n (>= 0.5.0)
      loofah (~> 1.2.0)
      nokogiri (>= 1.4.4)
      rake (>= 0.8.7)
      rdoc (~> 3.8)
      sax-machine (~> 0.1.0)
    filecache (1.0)
    i18n (0.6.9)
    json (1.8.1)
    little-plugger (1.1.3)
    logging (1.8.2)
      little-plugger (>= 1.1.3)
      multi_json (>= 1.8.4)
    loofah (1.2.1)
      nokogiri (>= 1.4.4)
    mediawiki-gateway (1.0.0)
      rest-client (~> 1.7)
    mime-types (2.4.3)
    mimemagic (0.2.1)
    mini_portile (0.6.0)
    multi_json (1.10.1)
    mysql2 (0.3.16)
    netrc (0.8.0)
    nokogiri (1.6.2.1)
      mini_portile (= 0.6.0)
    rake (10.3.2)
    rdoc (3.12.2)
      json (~> 1.4)
    rest-client (1.7.2)
      mime-types (>= 1.16, < 3.0)
      netrc (~> 0.7)
    sanitize (2.1.0)
      nokogiri (>= 1.4.4)
    sax-machine (0.1.0)
      nokogiri (> 0.0.0)
    sequel (4.11.0)

PLATFORMS
  ruby

DEPENDENCIES
  daemons
  feedzirra (~> 0.1.2)
  filecache
  gopher2000!
  mediawiki-gateway (~> 1.0.0)
  mysql2
  nokogiri
  sanitize
  sequel
